GEM
  remote: https://rubygems.org/
  specs:
    colorizer (0.0.2)

PLATFORMS
  arm64-darwin-20

DEPENDENCIES
  colorizer (~> 0.0.2)

BUNDLED WITH
   2.2.33
